GEM
  remote: https://rubygems.org/
  specs:
    sass (3.4.22)
    support-for (1.0.6)
      sass (~> 3.3)

PLATFORMS
  x64-mingw32

DEPENDENCIES
  support-for (~> 1.0)

BUNDLED WITH
   1.12.5
